GEM
  remote: http://rubygems.org/
  remote: http://sul-gems.stanford.edu/
  specs:
    activesupport (3.0.9)
    addressable (2.1.2)
    awesome_print (0.4.0)
    cache (0.2.4)
      activesupport (>= 2.3.11)
      i18n
    columnize (0.3.2)
    confstruct (0.2.4)
    curb (0.7.15)
    djatoka (0.0.11)
      addressable (= 2.1.2)
      hashie
      json
      trollop
    dor-rights-auth (0.8.0)
      nokogiri
      rest-client
    equivalent-xml (0.2.6)
      nokogiri (>= 1.4.3)
    hashie (1.0.0)
    i18n (0.6.0)
    json (1.4.6)
    linecache (0.43)
    memcached (1.2.7)
    mime-types (1.16)
    mocha (0.9.12)
    nokogiri (1.4.3.1)
    rack (1.2.5)
    rack-test (0.6.0)
      rack (>= 1.0)
    rake (0.8.7)
    rcov (0.9.9)
    rest-client (1.6.1)
      mime-types (>= 1.16)
    rspec (1.3.1)
    ruby-debug (0.10.4)
      columnize (>= 0.1)
      ruby-debug-base (~> 0.10.4.0)
    ruby-debug-base (0.10.4)
      linecache (>= 0.3)
    shotgun (0.8)
      rack (>= 1.0)
    sinatra (1.2.8)
      rack (~> 1.1)
      tilt (>= 1.2.2, < 2.0)
    sinatra-xsendfile (0.3.0)
      sinatra (>= 0.9.1)
    tilt (1.3.3)
    trollop (1.16.2)

PLATFORMS
  ruby

DEPENDENCIES
  awesome_print
  cache
  confstruct
  curb
  djatoka
  dor-rights-auth
  equivalent-xml
  json (~> 1.4.6)
  memcached
  mime-types (~> 1.16)
  mocha
  nokogiri (~> 1.4.3.1)
  rack (~> 1.2.1)
  rack-test
  rake (~> 0.8.7)
  rcov
  rest-client (~> 1.6.1)
  rspec (~> 1.3.0)
  ruby-debug
  shotgun (~> 0.8)
  sinatra (~> 1.0)
  sinatra-xsendfile
